GEM
  remote: http://rubygems.org/
  specs:
    activesupport (2.3.14)
    bson (1.2.4)
    bson_ext (1.4.1)
    builder (3.0.0)
    columnize (0.3.4)
    cucumber (1.1.0)
      builder (>= 2.1.2)
      diff-lcs (>= 1.1.2)
      gherkin (~> 2.5.0)
      json (>= 1.4.6)
      term-ansicolor (>= 1.0.6)
    database_cleaner (0.6.7)
    diff-lcs (1.1.3)
    durran-validatable (2.0.1)
    gherkin (2.5.4)
      json (>= 1.4.6)
    git (1.2.5)
    jeweler (1.6.4)
      bundler (~> 1.0)
      git (>= 1.2.5)
      rake
    json (1.6.1)
    linecache (0.46)
      rbx-require-relative (> 0.0.4)
    mongo (1.2.4)
      bson (>= 1.2.4)
    mongoid (1.9.5)
      activesupport (< 3.0.0)
      bson (~> 1.2.1)
      durran-validatable (>= 2.0.1)
      mongo (~> 1.2.1)
      will_paginate (< 2.9)
    rake (0.9.2.2)
    rbx-require-relative (0.0.5)
    rcov (0.9.11)
    rspec (2.3.0)
      rspec-core (~> 2.3.0)
      rspec-expectations (~> 2.3.0)
      rspec-mocks (~> 2.3.0)
    rspec-core (2.3.1)
    rspec-expectations (2.3.0)
      diff-lcs (~> 1.1.2)
    rspec-mocks (2.3.0)
    ruby-debug (0.10.4)
      columnize (>= 0.1)
      ruby-debug-base (~> 0.10.4.0)
    ruby-debug-base (0.10.4)
      linecache (>= 0.3)
    term-ansicolor (1.0.7)
    will_paginate (2.3.16)

PLATFORMS
  ruby

DEPENDENCIES
  bson_ext
  bundler (~> 1.0.0)
  cucumber
  database_cleaner
  jeweler (~> 1.6.4)
  mongoid
  rcov
  rspec (~> 2.3.0)
  ruby-debug
